NUGET
  remote: https://www.nuget.org/api/v2
    Chromium.ChromeDriver (2.22)
    Selenium.Microsoft.Webdriver2 (2.0.10586.1)
    Selenium.Mozilla.Firefox.Webdriver (0.6.0.1)
    Selenium.StandardControls (0.0.26)
      Selenium.Support (>= 2.53)
    Selenium.Support (2.53.1)
      Selenium.WebDriver (>= 2.53.1)
    Selenium.WebDriver (2.53.1)
    Selenium.WebDriver.Extensions (2.0)
      Selenium.Support (>= 2.42)
      Selenium.WebDriver (>= 2.42)
    Selenium.WebForms (0.0.19)
      Selenium.StandardControls (>= 0.0.23)
    Xenon (0.1.17)
    Xenon.Selenium (0.1.17)
      Selenium.Support (>= 2.43.1)
      Xenon (>= 0.1.4)
